PATH
  remote: /home/pwinton/git/destructure
  specs:
    destructure (0.0.6)
      activesupport (~> 4.0.0)
      binding_of_caller (~> 0.7.2)
      paramix (~> 2.0.1)
      sourcify (~> 0.6.0.rc4)

GEM
  remote: https://rubygems.org/
  specs:
    activesupport (4.0.0)
      i18n (~> 0.6, >= 0.6.4)
      minitest (~> 4.2)
      multi_json (~> 1.3)
      thread_safe (~> 0.1)
      tzinfo (~> 0.3.37)
    atomic (1.1.14)
    binding_of_caller (0.7.2)
      debug_inspector (>= 0.0.1)
    debug_inspector (0.0.2)
    file-tail (1.0.12)
      tins (~> 0.5)
    i18n (0.6.5)
    minitest (4.7.5)
    multi_json (1.8.2)
    paramix (2.0.1)
    ruby2ruby (1.3.1)
      ruby_parser (~> 2.0)
      sexp_processor (~> 3.0)
    ruby_parser (2.3.1)
      sexp_processor (~> 3.0)
    sexp_processor (3.2.0)
    sourcify (0.6.0.rc4)
      file-tail (~> 1.0.10)
      ruby2ruby (~> 1.3.1)
      ruby_parser (~> 2.3.1)
      sexp_processor (~> 3.2.0)
    thread_safe (0.1.3)
      atomic
    tins (0.12.0)
    tzinfo (0.3.38)

PLATFORMS
  ruby

DEPENDENCIES
  destructure!
